GEM
  remote: https://rubygems.org/
  specs:
    rake (12.0.0)
    sass (3.4.23)

PLATFORMS
  ruby

DEPENDENCIES
  rake
  sass
